GEM
  remote: http://rubygems.org/
  specs:
    colorize (0.5.8)
    eventmachine (0.12.10)

PLATFORMS
  ruby

DEPENDENCIES
  colorize
  eventmachine
