GEM
  remote: http://rubygems.org/
  specs:
    addressable (2.2.6)
    colorize (0.5.8)
    crack (0.1.8)
    diff-lcs (1.1.3)
    eventmachine (0.12.10)
    rspec (2.6.0)
      rspec-core (~> 2.6.0)
      rspec-expectations (~> 2.6.0)
      rspec-mocks (~> 2.6.0)
    rspec-core (2.6.4)
    rspec-expectations (2.6.0)
      diff-lcs (~> 1.1.2)
    rspec-mocks (2.6.0)
    vcr (1.11.3)
    webmock (1.7.6)
      addressable (> 2.2.5, ~> 2.2)
      crack (>= 0.1.7)

PLATFORMS
  ruby

DEPENDENCIES
  colorize
  eventmachine
  rspec
  vcr
  webmock
